GEM
  remote: https://rubygems.org/
  specs:
    activesupport (6.0.2.2)
      concurrent-ruby (~> 1.0, >= 1.0.2)
      i18n (>= 0.7, < 2)
      minitest (~> 5.1)
      tzinfo (~> 1.1)
      zeitwerk (~> 2.2)
    coderay (1.1.2)
    concurrent-ruby (1.1.6)
    ethon (0.12.0)
      ffi (>= 1.3.0)
    ffi (1.12.2)
    i18n (1.8.2)
      concurrent-ruby (~> 1.0)
    json (2.3.0)
    method_source (1.0.0)
    minitest (5.14.0)
    mustermann (1.1.1)
      ruby2_keywords (~> 0.0.1)
    pry (0.13.1)
      coderay (~> 1.1)
      method_source (~> 1.0)
    rack (2.2.2)
    rack-protection (2.0.8.1)
      rack
    ruby-esi (0.3.0)
      json (~> 2.1, >= 2.1.0)
      typhoeus (~> 1.0, >= 1.0.1)
    ruby2_keywords (0.0.2)
    sinatra (2.0.8.1)
      mustermann (~> 1.0)
      rack (~> 2.0)
      rack-protection (= 2.0.8.1)
      tilt (~> 2.0)
    slim (4.0.1)
      temple (>= 0.7.6, < 0.9)
      tilt (>= 2.0.6, < 2.1)
    temple (0.8.2)
    thread_safe (0.3.6)
    tilt (2.0.10)
    typhoeus (1.3.1)
      ethon (>= 0.9.0)
    tzinfo (1.2.7)
      thread_safe (~> 0.1)
    zeitwerk (2.3.0)

PLATFORMS
  ruby

DEPENDENCIES
  activesupport (~> 6.0)
  pry (~> 0.13.1)
  ruby-esi (~> 0.3.0)
  sinatra (~> 2.0)
  slim (~> 4.0)

BUNDLED WITH
   2.1.4
